GEM
  remote: https://rubygems.org/
  specs:

PLATFORMS
  ruby
  x86_64-linux

DEPENDENCIES

RUBY VERSION
   ruby 3.0.2p107

BUNDLED WITH
   2.5.17
